GEM
  remote: http://rubygems.org/
  specs:
    haml (3.0.18)
    json (1.4.6)
    pow (0.2.3)
    rack (1.2.1)
    sinatra (1.0)
      rack (>= 1.0)

PLATFORMS
  ruby

DEPENDENCIES
  haml
  json
  pow
  rack
  sinatra
